GIT
  remote: git://github.com/gregbell/active_admin.git
  revision: 6ecdabe2c84f627510fbab83fe67570270830241
  tag: v0.6.2
  specs:
    activeadmin (0.6.2)
      arbre (~> 1.0)
      bourbon (>= 1.0.0, < 4)
      devise (>= 1.5.4, < 4)
      formtastic (~> 2.0)
      inherited_resources (~> 1.3)
      jquery-rails (>= 1.0.0, < 3)
      kaminari (~> 0.13)
      meta_search (~> 1.0)
      rails (>= 3.0.0, < 4)
      sass (~> 3.1)

GIT
  remote: git://github.com/swanandp/acts_as_list.git
  revision: f62c43265f0e47fe7666a93849abad5aa7c5c6d3
  specs:
    acts_as_list (0.1.8)

GEM
  remote: https://rubygems.org/
  specs:
    POpen4 (0.1.4)
      Platform (>= 0.4.0)
      open4
    Platform (0.4.0)
    aasm (3.0.8)
    actionmailer (3.2.22)
      actionpack (= 3.2.22)
      mail (~> 2.5.4)
    actionpack (3.2.22)
      activemodel (= 3.2.22)
      activesupport (= 3.2.22)
      builder (~> 3.0.0)
      erubis (~> 2.7.0)
      journey (~> 1.0.4)
      rack (~> 1.4.5)
      rack-cache (~> 1.2)
      rack-test (~> 0.6.1)
      sprockets (~> 2.2.1)
    activemodel (3.2.22)
      activesupport (= 3.2.22)
      builder (~> 3.0.0)
    activerecord (3.2.22)
      activemodel (= 3.2.22)
      activesupport (= 3.2.22)
      arel (~> 3.0.2)
      tzinfo (~> 0.3.29)
    activeresource (3.2.22)
      activemodel (= 3.2.22)
      activesupport (= 3.2.22)
    activesupport (3.2.22)
      i18n (~> 0.6, >= 0.6.4)
      multi_json (~> 1.0)
    acts-as-taggable-on (2.2.2)
      rails (~> 3.0)
    addressable (2.3.2)
    api_taster (0.5.0)
      bootstrap-sass (~> 2.0.3)
      jquery-rails
      rails (>= 3.1.0)
      redcarpet
      sass-rails
    arbre (1.0.1)
      activesupport (>= 3.0.0)
    arel (3.0.3)
    attr_required (1.0.0)
    autoprefixer-rails (5.1.7.1)
      execjs
      json
    awesome_nested_set (2.1.4)
      activerecord (>= 3.0.0)
    bcrypt-ruby (3.0.1)
    better_errors (0.7.2)
      coderay (>= 1.0.0)
      erubis (>= 2.6.6)
    better_logging (1.0.3)
    binding_of_caller (0.7.1)
      debug_inspector (>= 0.0.1)
    bootstrap-sass (2.0.4.2)
    bourbon (3.1.8)
      sass (>= 3.2.0)
      thor
    builder (3.0.4)
    carrierwave (0.6.2)
      activemodel (>= 3.2.0)
      activesupport (>= 3.2.0)
    celluloid (0.15.2)
      timers (~> 1.1.0)
    charlock_holmes (0.7.3)
    ci_reporter (2.0.0)
      builder (>= 2.1.2)
    ci_reporter_test_unit (1.0.0)
      ci_reporter (~> 2.0)
      test-unit (~> 2.5.5)
    clockwork (0.7.0)
      activesupport
      tzinfo (~> 0.3.35)
    cocoon (1.0.22)
    coderay (1.0.9)
    coffee-rails (3.2.2)
      coffee-script (>= 2.2.0)
      railties (~> 3.2.0)
    coffee-script (2.2.0)
      coffee-script-source
      execjs
    coffee-script-source (1.3.3)
    commonjs (0.2.6)
    connection_pool (2.0.0)
    copyright-header (1.0.15)
      github-linguist (~> 2.6)
    crack (0.4.2)
      safe_yaml (~> 1.0.0)
    css_parser (1.3.5)
      addressable
    daemon_controller (1.2.0)
    dalli (2.1.0)
    database_cleaner (0.8.0)
    debug_inspector (0.0.2)
    devise (2.1.2)
      bcrypt-ruby (~> 3.0)
      orm_adapter (~> 0.1)
      railties (~> 3.1)
      warden (~> 1.2.1)
    differ (0.1.2)
    dotenv (0.9.0)
    draper (0.17.0)
      actionpack (~> 3.2)
      activesupport (~> 3.2)
    em-proxy (0.1.8)
      eventmachine
    erubis (2.7.0)
    escape_utils (1.0.1)
    eventmachine (1.0.3)
    execjs (1.4.0)
      multi_json (~> 1.0)
    factory_girl (4.4.0)
      activesupport (>= 3.0.0)
    factory_girl_rails (4.4.1)
      factory_girl (~> 4.4.0)
      railties (>= 3.0.0)
    faraday (0.9.0)
      multipart-post (>= 1.2, < 3)
    fb_graph (2.7.12)
      httpclient (>= 2.2.0.2)
      multi_json (>= 1.3)
      rack-oauth2 (>= 0.14.4)
      tzinfo
    font-awesome-rails (4.0.1.0)
      railties (>= 3.2, < 5.0)
    foreman (0.61.0)
      thor (>= 0.13.6)
    formatador (0.2.4)
    formtastic (2.2.1)
      actionpack (>= 3.0)
    friendly_id (4.0.9)
    geocoder (1.1.3)
    github-linguist (2.12.0)
      charlock_holmes (~> 0.7.3)
      escape_utils (~> 1.0.1)
      mime-types (~> 1.19)
      pygments.rb (~> 0.6.0)
    has_scope (0.6.0.rc)
      actionpack (>= 3.2, < 5)
      activesupport (>= 3.2, < 5)
    hashie (3.4.1)
    highline (1.6.20)
    hike (1.2.3)
    hogan_assets (1.3.2)
      execjs (>= 1.2.9)
      sprockets (>= 2.0.3)
      tilt (>= 1.3.3)
    htmlentities (4.3.1)
    http-parser-lite (0.6.0)
    httpclient (2.3.4.1)
    i18n (0.7.0)
    inherited_resources (1.4.1)
      has_scope (~> 0.6.0.rc)
      responders (~> 1.0.0.rc)
    iniparse (1.1.6)
    invoker (1.0.4)
      dotenv (~> 0.9.0)
      em-proxy (~> 0.1.8)
      eventmachine (~> 1.0.3)
      formatador (~> 0.2.4)
      highline (~> 1.6.19)
      http-parser-lite (~> 0.6.0)
      iniparse (~> 1.1.6)
      rainbow (~> 1.1.4)
      rubydns (~> 0.6.5)
      slop (~> 3.4.6)
      uuid (~> 2.3.7)
    journey (1.0.4)
    jquery-rails (2.1.1)
      railties (>= 3.1.0, < 5.0)
      thor (~> 0.14)
    json (1.8.3)
    jwt (0.1.11)
      multi_json (>= 1.5)
    kaminari (0.14.0)
      actionpack (>= 3.0.0)
      activesupport (>= 3.0.0)
    kramdown (0.13.8)
    launchy (2.1.2)
      addressable (~> 2.3)
    less (2.2.1)
      commonjs (~> 0.2.6)
    less-rails (2.2.3)
      actionpack (>= 3.1)
      less (~> 2.2.0)
    libv8 (3.16.14.3)
    liquid (2.4.1)
    macaddr (1.7.1)
      systemu (~> 2.6.2)
    mail (2.5.4)
      mime-types (~> 1.16)
      treetop (~> 1.4.8)
    meta_request (0.2.3)
      rack-contrib
      railties
    meta_search (1.1.3)
      actionpack (~> 3.1)
      activerecord (~> 3.1)
      activesupport (~> 3.1)
      polyamorous (~> 0.5.0)
    mime-types (1.25.1)
    mini_magick (3.7.0)
      subexec (~> 0.2.1)
    multi_json (1.11.2)
    multi_xml (0.5.5)
    multipart-post (2.0.0)
    nokogiri (1.5.5)
    oauth (0.4.7)
    oauth2 (0.9.3)
      faraday (>= 0.8, < 0.10)
      jwt (~> 0.1.8)
      multi_json (~> 1.3)
      multi_xml (~> 0.5)
      rack (~> 1.2)
    oj (1.3.4)
    omniauth (1.2.2)
      hashie (>= 1.2, < 4)
      rack (~> 1.0)
    omniauth-facebook (1.6.0)
      omniauth-oauth2 (~> 1.1)
    omniauth-linkedin (0.2.0)
      omniauth-oauth (~> 1.0)
    omniauth-oauth (1.1.0)
      oauth
      omniauth (~> 1.0)
    omniauth-oauth2 (1.1.2)
      faraday (>= 0.8, < 0.10)
      multi_json (~> 1.3)
      oauth2 (~> 0.9.3)
      omniauth (~> 1.2)
    omniauth-twitter (1.0.1)
      multi_json (~> 1.3)
      omniauth-oauth (~> 1.0)
    open4 (1.3.0)
    open_uri_redirections (0.1.4)
    orm_adapter (0.4.0)
    paper_trail (2.6.3)
      activerecord (~> 3.0)
      railties (~> 3.0)
    passenger (4.0.45)
      daemon_controller (>= 1.2.0)
      rack
      rake (>= 0.8.1)
    pg (0.14.1)
    pg_search (0.5.7)
      activerecord (>= 3)
      activesupport (>= 3)
    pjax_rails (0.3.3)
      jquery-rails
    polyamorous (0.5.0)
      activerecord (~> 3.0)
    polyglot (0.3.5)
    posix-spawn (0.3.11)
    premailer (1.8.1)
      css_parser (>= 1.3.5)
      htmlentities (>= 4.0.0)
    premailer-rails (1.7.0)
      actionmailer (>= 3, < 5)
      premailer (~> 1.7, >= 1.7.9)
    psych (2.0.5)
    pygments.rb (0.6.3)
      posix-spawn (~> 0.3.6)
      yajl-ruby (~> 1.2.0)
    quiet_assets (1.0.1)
      railties (~> 3.1)
    rabl-rails (0.3.4)
      activesupport (>= 3.1)
      railties (>= 3.1)
    rack (1.4.7)
    rack-cache (1.2)
      rack (>= 0.4)
    rack-contrib (1.1.0)
      rack (>= 0.9.1)
    rack-oauth2 (1.0.7)
      activesupport (>= 2.3)
      attr_required (>= 0.0.5)
      httpclient (>= 2.2.0.2)
      multi_json (>= 1.3.6)
      rack (>= 1.1)
    rack-protection (1.5.3)
      rack
    rack-ssl (1.3.4)
      rack
    rack-test (0.6.3)
      rack (>= 1.0)
    rails (3.2.22)
      actionmailer (= 3.2.22)
      actionpack (= 3.2.22)
      activerecord (= 3.2.22)
      activeresource (= 3.2.22)
      activesupport (= 3.2.22)
      bundler (~> 1.0)
      railties (= 3.2.22)
    rails3-jquery-autocomplete (1.0.9)
      rails (~> 3.0)
    rails_autolink (1.1.5)
      rails (> 3.1)
    railties (3.2.22)
      actionpack (= 3.2.22)
      activesupport (= 3.2.22)
      rack-ssl (~> 1.3.2)
      rake (>= 0.8.7)
      rdoc (~> 3.4)
      thor (>= 0.14.6, < 2.0)
    rainbow (1.1.4)
    rake (10.4.2)
    rdoc (3.12.2)
      json (~> 1.4)
    redcarpet (2.1.1)
    redis (3.1.0)
    redis-namespace (1.5.1)
      redis (~> 3.0, >= 3.0.4)
    ref (1.0.5)
    responders (1.0.0)
      railties (>= 3.2, < 5)
    rexec (1.5.2)
      rainbow
    ruby-prof (0.14.2)
    rubydns (0.6.7)
      eventmachine (~> 1.0.0)
      rexec (~> 1.5.1)
    safe_yaml (1.0.2)
    sanitize (2.0.3)
      nokogiri (>= 1.4.4, < 1.6)
    sass (3.2.1)
    sass-rails (3.2.5)
      railties (~> 3.2.0)
      sass (>= 3.1.10)
      tilt (~> 1.3)
    sextant (0.1.3)
      activesupport (>= 3.2)
      rails (>= 3.2)
    sidekiq (3.2.3)
      celluloid (>= 0.15.2)
      connection_pool (>= 2.0.0)
      json
      redis (>= 3.0.6)
      redis-namespace (>= 1.3.1)
    simple_form (2.0.2)
      actionpack (~> 3.0)
      activemodel (~> 3.0)
    sinatra (1.4.5)
      rack (~> 1.4)
      rack-protection (~> 1.4)
      tilt (~> 1.3, >= 1.3.4)
    slop (3.4.7)
    sprockets (2.2.3)
      hike (~> 1.2)
      multi_json (~> 1.0)
      rack (~> 1.0)
      tilt (~> 1.1, != 1.3.0)
    subexec (0.2.3)
    systemu (2.6.2)
    test-unit (2.5.5)
    therubyracer (0.12.1)
      libv8 (~> 3.16.14.0)
      ref
    thor (0.19.1)
    tilt (1.4.1)
    timers (1.1.0)
    treetop (1.4.15)
      polyglot
      polyglot (>= 0.3.1)
    turbo-sprockets-rails3 (0.3.11)
      railties (> 3.2.8, < 4.0.0)
      sprockets (>= 2.2.0)
    twitter-bootstrap-rails (2.2.8)
      actionpack (>= 3.1)
      execjs
      rails (>= 3.1)
      railties (>= 3.1)
    tzinfo (0.3.44)
    uglifier (1.3.0)
      execjs (>= 0.3.0)
      multi_json (~> 1.0, >= 1.0.2)
    uuid (2.3.7)
      macaddr (~> 1.0)
    warden (1.2.1)
      rack (>= 1.0)
    webmock (1.17.4)
      addressable (>= 2.2.7)
      crack (>= 0.3.2)
    wicked_pdf (0.11.0)
      rails
    wkhtmltopdf-binary (0.9.9.3)
    yajl-ruby (1.2.1)
    yui-compressor (0.9.6)
      POpen4 (>= 0.1.4)

PLATFORMS
  ruby

DEPENDENCIES
  aasm
  activeadmin!
  acts-as-taggable-on (~> 2.2.2)
  acts_as_list!
  api_taster
  autoprefixer-rails
  awesome_nested_set
  better_errors
  better_logging
  binding_of_caller
  carrierwave
  ci_reporter_test_unit
  clockwork
  cocoon
  coffee-rails
  copyright-header
  dalli
  database_cleaner (>= 0.7.1)
  devise
  differ
  draper
  factory_girl_rails
  fb_graph
  font-awesome-rails
  foreman
  friendly_id (~> 4.0)
  geocoder
  hogan_assets
  htmlentities
  invoker
  jquery-rails
  json
  kaminari
  kramdown
  launchy (>= 2.0.5)
  less-rails
  liquid
  meta_request
  meta_search (>= 1.1.0.pre)
  mini_magick
  nokogiri
  oj
  omniauth
  omniauth-facebook
  omniauth-linkedin
  omniauth-twitter
  open_uri_redirections
  paper_trail
  passenger
  pg
  pg_search
  pjax_rails
  premailer-rails
  psych
  quiet_assets
  rabl-rails
  rails (= 3.2.22)
  rails3-jquery-autocomplete
  rails_autolink
  redcarpet
  ruby-prof
  sanitize
  sass-rails
  sextant
  sidekiq
  simple_form
  sinatra (>= 1.3.0)
  systemu
  therubyracer
  turbo-sprockets-rails3
  twitter-bootstrap-rails
  uglifier
  webmock
  wicked_pdf
  wkhtmltopdf-binary
  yui-compressor
